PATH
  remote: .
  specs:
    local_bus (0.1.0)
      async
      concurrent-ruby
      zeitwerk

GEM
  remote: https://rubygems.org/
  specs:
    amazing_print (1.6.0)
    ansi (1.5.0)
    ast (2.4.2)
    async (2.18.0)
      console (~> 1.26)
      fiber-annotation
      io-event (~> 1.6, >= 1.6.5)
    bigdecimal (3.1.8)
    builder (3.3.0)
    byebug (11.1.3)
    coderay (1.1.3)
    cogger (0.29.0)
      core (~> 1.7)
      refinements (~> 12.10)
      tone (~> 1.0)
      zeitwerk (~> 2.7)
    concurrent-ruby (1.3.4)
    console (1.27.0)
      fiber-annotation
      fiber-local (~> 1.1)
      json
    containable (0.5.1)
      concurrent-ruby (~> 1.2)
    core (1.9.0)
    dry-configurable (1.2.0)
      dry-core (~> 1.0, < 2)
      zeitwerk (~> 2.6)
    dry-core (1.0.2)
      concurrent-ruby (~> 1.0)
      logger
      zeitwerk (~> 2.6)
    dry-inflector (1.1.0)
    dry-initializer (3.1.1)
    dry-logic (1.5.0)
      concurrent-ruby (~> 1.0)
      dry-core (~> 1.0, < 2)
      zeitwerk (~> 2.6)
    dry-monads (1.6.0)
      concurrent-ruby (~> 1.0)
      dry-core (~> 1.0, < 2)
      zeitwerk (~> 2.6)
    dry-schema (1.13.4)
      concurrent-ruby (~> 1.0)
      dry-configurable (~> 1.0, >= 1.0.1)
      dry-core (~> 1.0, < 2)
      dry-initializer (~> 3.0)
      dry-logic (>= 1.4, < 2)
      dry-types (>= 1.7, < 2)
      zeitwerk (~> 2.6)
    dry-types (1.7.2)
      bigdecimal (~> 3.0)
      concurrent-ruby (~> 1.0)
      dry-core (~> 1.0)
      dry-inflector (~> 1.0)
      dry-logic (~> 1.4)
      zeitwerk (~> 2.6)
    etcher (2.5.0)
      cogger (~> 0.26)
      core (~> 1.7)
      dry-monads (~> 1.6)
      dry-types (~> 1.7)
      refinements (~> 12.10)
      versionaire (~> 13.9)
      zeitwerk (~> 2.7)
    fiber-annotation (0.2.0)
    fiber-local (1.1.0)
      fiber-storage
    fiber-storage (1.0.0)
    fiddle (1.1.4)
    infusible (3.11.0)
      marameters (~> 3.9)
    io-event (1.7.3)
    json (2.7.6)
    language_server-protocol (3.17.0.3)
    lint_roller (1.1.0)
    logger (1.6.1)
    marameters (3.11.0)
      refinements (~> 12.10)
      zeitwerk (~> 2.7)
    method_source (1.1.0)
    minitest (5.25.1)
    minitest-reporters (1.7.1)
      ansi
      builder
      minitest (>= 5.0)
      ruby-progressbar
    optparse (0.5.0)
    ostruct (0.6.0)
    parallel (1.26.3)
    parser (3.3.5.1)
      ast (~> 2.4.1)
      racc
    prism (1.0.0)
    pry (0.14.2)
      coderay (~> 1.1)
      method_source (~> 1.0)
    pry-byebug (3.10.1)
      byebug (~> 11.0)
      pry (>= 0.13, < 0.15)
    pry-doc (1.5.0)
      pry (~> 0.11)
      yard (~> 0.9.11)
    racc (1.8.1)
    rainbow (3.1.1)
    rake (13.2.1)
    rbs (3.6.1)
      logger
    rbs-inline (0.9.0)
      prism (>= 0.29, < 1.1)
      rbs (>= 3.5.0)
    refinements (12.10.0)
    regexp_parser (2.9.2)
    rubocop (1.66.1)
      json (~> 2.3)
      language_server-protocol (>= 3.17.0)
      parallel (~> 1.10)
      parser (>= 3.3.0.2)
      rainbow (>= 2.2.2, < 4.0)
      regexp_parser (>= 2.4, < 3.0)
      rubocop-ast (>= 1.32.2, < 2.0)
      ruby-progressbar (~> 1.7)
      unicode-display_width (>= 2.4.0, < 3.0)
    rubocop-ast (1.34.0)
      parser (>= 3.3.1.0)
    rubocop-performance (1.22.1)
      rubocop (>= 1.48.1, < 2.0)
      rubocop-ast (>= 1.31.1, < 2.0)
    ruby-progressbar (1.13.0)
    runcom (11.9.0)
      refinements (~> 12.10)
      xdg (~> 8.6)
      zeitwerk (~> 2.7)
    sod (0.17.0)
      cogger (~> 0.26)
      containable (~> 0.2)
      infusible (~> 3.11)
      optparse (~> 0.5)
      refinements (~> 12.9)
      tone (~> 1.0)
      zeitwerk (~> 2.7)
    spek (3.9.0)
      dry-monads (~> 1.6)
      refinements (~> 12.10)
      versionaire (~> 13.9)
      zeitwerk (~> 2.7)
    standard (1.41.1)
      language_server-protocol (~> 3.17.0.2)
      lint_roller (~> 1.0)
      rubocop (~> 1.66.0)
      standard-custom (~> 1.0.0)
      standard-performance (~> 1.5)
    standard-custom (1.0.2)
      lint_roller (~> 1.0)
      rubocop (~> 1.50)
    standard-performance (1.5.0)
      lint_roller (~> 1.1)
      rubocop-performance (~> 1.22.0)
    tocer (18.5.0)
      cogger (~> 0.26)
      containable (~> 0.2)
      core (~> 1.7)
      dry-schema (~> 1.13)
      etcher (~> 2.1)
      infusible (~> 3.11)
      refinements (~> 12.9)
      runcom (~> 11.5)
      sod (~> 0.17)
      spek (~> 3.0)
      zeitwerk (~> 2.7)
    tone (1.9.0)
      refinements (~> 12.10)
      zeitwerk (~> 2.7)
    unicode-display_width (2.6.0)
    versionaire (13.9.0)
      refinements (~> 12.10)
    xdg (8.8.0)
    yard (0.9.37)
    zeitwerk (2.7.1)

PLATFORMS
  arm64-darwin-23
  ruby

DEPENDENCIES
  amazing_print
  fiddle
  local_bus!
  minitest
  minitest-reporters
  ostruct
  pry-byebug
  pry-doc
  rake (~> 13.0)
  rbs-inline
  standard
  tocer
  yard

BUNDLED WITH
   2.5.21
